GEM
  remote: https://rubygems.org/
  specs:
    addressable (2.8.0)
      public_suffix (>= 2.0.2, < 5.0)
    amazing_print (1.4.0)
    buftok (0.2.0)
    domain_name (0.5.20190701)
      unf (>= 0.0.5, < 1.0.0)
    ebnf (2.3.1)
      amazing_print (~> 1.4)
      htmlentities (~> 4.3)
      rdf (~> 3.2)
      scanf (~> 1.0)
      sxp (~> 1.2)
      unicode-types (~> 1.7)
    equalizer (0.0.11)
    erubis (2.7.0)
    faraday (2.2.0)
      faraday-net_http (~> 2.0)
      ruby2_keywords (>= 0.0.4)
    faraday-net_http (2.0.2)
    ffi (1.15.5)
    ffi-compiler (1.0.1)
      ffi (>= 1.0.0)
      rake
    filesize (0.2.0)
    htmlentities (4.3.4)
    http (4.4.1)
      addressable (~> 2.3)
      http-cookie (~> 1.0)
      http-form_data (~> 2.2)
      http-parser (~> 1.2.0)
    http-cookie (1.0.4)
      domain_name (~> 0.5)
    http-form_data (2.3.0)
    http-parser (1.2.3)
      ffi-compiler (>= 1.0, < 2.0)
    http_parser.rb (0.6.0)
    json (2.6.1)
    json-canonicalization (0.3.0)
    json-ld (3.1.10)
      htmlentities (~> 4.3)
      json-canonicalization (~> 0.2)
      link_header (~> 0.0, >= 0.0.8)
      multi_json (~> 1.14)
      rack (~> 2.0)
      rdf (~> 3.1)
    link_header (0.0.8)
    matrix (0.4.2)
    memoizable (0.4.2)
      thread_safe (~> 0.3, >= 0.3.1)
    mini_portile2 (2.8.0)
    multi_json (1.15.0)
    multipart-post (2.1.1)
    naught (1.1.0)
    nokogiri (1.13.4)
      mini_portile2 (~> 2.8.0)
      racc (~> 1.4)
    nokogiri (1.13.4-x86_64-darwin)
      racc (~> 1.4)
    public_suffix (4.0.7)
    racc (1.6.0)
    rack (2.2.3)
    rake (13.0.6)
    rdf (3.2.6)
      link_header (~> 0.0, >= 0.0.8)
    rdf-turtle (3.2.0)
      ebnf (~> 2.3)
      rdf (~> 3.2)
    ruby2_keywords (0.0.5)
    scanf (1.0.0)
    semverly (1.0.0)
    simple_oauth (0.3.1)
    sxp (1.2.2)
      matrix
      rdf (~> 3.2)
    thread_safe (0.3.6)
    tilt (2.0.10)
    twitter (7.0.0)
      addressable (~> 2.3)
      buftok (~> 0.2.0)
      equalizer (~> 0.0.11)
      http (~> 4.0)
      http-form_data (~> 2.0)
      http_parser.rb (~> 0.6.0)
      memoizable (~> 0.4.0)
      multipart-post (~> 2.0)
      naught (~> 1.0)
      simple_oauth (~> 0.3.0)
    unf (0.1.4)
      unf_ext
    unf_ext (0.0.8.1)
    unicode-types (1.7.0)
    webrick (1.7.0)

PLATFORMS
  ruby
  x86_64-darwin-18

DEPENDENCIES
  addressable
  erubis
  faraday
  filesize
  json
  json-ld (~> 3.1.9)
  nokogiri (~> 1.13.4)
  rake
  rdf
  rdf-turtle
  semverly
  tilt
  twitter (~> 7.0.0)
  webrick (> 1.4.0)

BUNDLED WITH
   2.3.10
